GEM
  remote: https://rubygems.org/
  specs:
    colorize (0.7.3)
    redis (3.1.0)

PLATFORMS
  ruby

DEPENDENCIES
  colorize
  redis
